PATH
  remote: .
  specs:
    jimuguri (0.1.0)

GEM
  remote: https://rubygems.org/
  specs:
    minitest (5.11.1)
    rake (10.5.0)
    thor (0.20.0)

PLATFORMS
  ruby

DEPENDENCIES
  bundler (~> 1.16)
  jimuguri!
  minitest (~> 5.0)
  rake (~> 10.0)
  thor

BUNDLED WITH
   1.16.1
